GEM
  remote: https://rubygems.org/
  specs:
    ruby-mpd (0.3.1)

PLATFORMS
  ruby

DEPENDENCIES
  ruby-mpd
